PATH
  remote: .
  specs:
    subelsky_power_tools (1.1.0)

GEM
  remote: http://rubygems.org/
  specs:
    diff-lcs (1.1.2)
    growl (1.0.3)
    guard (0.4.2)
      thor (~> 0.14.6)
    guard-rspec (0.4.0)
      guard (>= 0.4.0)
    guard-spork (0.2.0)
      guard (>= 0.2.2)
      spork (>= 0.8.4)
    rb-fsevent (0.4.0)
    rspec (2.6.0)
      rspec-core (~> 2.6.0)
      rspec-expectations (~> 2.6.0)
      rspec-mocks (~> 2.6.0)
    rspec-core (2.6.4)
    rspec-expectations (2.6.0)
      diff-lcs (~> 1.1.2)
    rspec-mocks (2.6.0)
    spork (0.8.5)
    thor (0.14.6)

PLATFORMS
  ruby

DEPENDENCIES
  growl (= 1.0.3)
  guard-rspec (= 0.4.0)
  guard-spork (= 0.2.0)
  rb-fsevent (= 0.4.0)
  rspec
  subelsky_power_tools!
